GEM
  remote: https://rubygems.org/
  specs:
    tailwindcss-ruby (3.4.17)
    tailwindcss-ruby (3.4.17-arm64-darwin)
    webrick (1.9.1)

PLATFORMS
  arm64-darwin-24
  ruby

DEPENDENCIES
  tailwindcss-ruby
  webrick

BUNDLED WITH
   2.6.2
